GEM
  remote: https://rubygems.org/
  specs:
    amazing_print (1.2.1)
    csv (3.1.7)
    date (3.0.1)
    ethon (0.12.0)
    ffi (1.15.5)
    json (2.3.1)
    logger (1.4.2)
    time (0.1.0)
    typhoeus (1.4.0)
      ethon (>= 0.9.0)

PLATFORMS
  ruby

DEPENDENCIES
  amazing_print
  csv
  date
  json
  logger
  time
  typhoeus

BUNDLED WITH
   2.1.4
