GEM
  remote: https://rubygems.org/
  specs:
    amazing_print (1.2.1)
    ethon (0.12.0)
      ffi (>= 1.3.0)
    ffi (1.13.1)
    typhoeus (1.4.0)
      ethon (>= 0.9.0)

PLATFORMS
  ruby

DEPENDENCIES
  amazing_print
  typhoeus

BUNDLED WITH
   2.1.4
