GEM
  remote: https://rubygems.org/
  specs:
    amazing_print (1.4.0)
    csv (3.2.5)
    date (3.2.2)
    ethon (0.16.0)
      ffi (>= 1.15.0)
    ffi (1.15.5)
    json (2.6.2)
    logger (1.5.1)
    time (0.2.0)
      date
    typhoeus (1.4.0)
      ethon (>= 0.9.0)

PLATFORMS
  ruby

DEPENDENCIES
  amazing_print
  csv
  date
  json
  logger
  time
  typhoeus

BUNDLED WITH
   2.3.26
